GEM
  remote: https://rubygems.org/
  specs:
    ruby2d (0.11.0)

PLATFORMS
  x86_64-darwin-20

DEPENDENCIES
  ruby2d

BUNDLED WITH
   2.2.28
